PATH
  remote: .
  specs:
    find_my_meds (0.1.0)

GEM
  remote: https://rubygems.org/
  specs:
    coderay (1.1.3)
    diff-lcs (1.5.0)
    method_source (1.0.0)
    mini_portile (0.6.2)
    mini_portile2 (2.8.1)
    mustermann (2.0.2)
      ruby2_keywords (~> 0.0.1)
    nokogiri (1.6.6.4)
      mini_portile (~> 0.6.0)
    pry (0.14.2)
      coderay (~> 1.1)
      method_source (~> 1.0)
    rack (2.2.6.4)
    rack-protection (2.2.4)
      rack
    rake (12.3.3)
    rspec (3.10.0)
      rspec-core (~> 3.10.0)
      rspec-expectations (~> 3.10.0)
      rspec-mocks (~> 3.10.0)
    rspec-core (3.10.1)
      rspec-support (~> 3.10.0)
    rspec-expectations (3.10.2)
      diff-lcs (>= 1.2.0, < 2.0)
      rspec-support (~> 3.10.0)
    rspec-mocks (3.10.2)
      diff-lcs (>= 1.2.0, < 2.0)
      rspec-support (~> 3.10.0)
    rspec-support (3.10.2)
    ruby2_keywords (0.0.4)
    shotgun (0.9.2)
      rack (>= 1.0)
    sinatra (2.2.4)
      mustermann (~> 2.0)
      rack (~> 2.2)
      rack-protection (= 2.2.4)
      tilt (~> 2.0)
    sqlite3 (1.6.1)
      mini_portile2 (~> 2.8.0)
    tilt (2.0.10)

PLATFORMS
  ruby

DEPENDENCIES
  bundler
  find_my_meds!
  nokogiri
  pry
  rake (~> 12.0)
  rspec (~> 3.0)
  shotgun
  sinatra
  sqlite3

BUNDLED WITH
   2.1.4
